GEM
  remote: https://rubygems.org/
  specs:
    byebug (11.1.3)
    coderay (1.1.3)
    curses (1.4.4)
    method_source (1.0.0)
    minitest (5.20.0)
    pry (0.14.2)
      coderay (~> 1.1)
      method_source (~> 1.0)
    pry-byebug (3.10.1)
      byebug (~> 11.0)
      pry (>= 0.13, < 0.15)
    rake (13.1.0)

PLATFORMS
  x86_64-linux

DEPENDENCIES
  curses
  minitest
  pry-byebug
  rake

BUNDLED WITH
   2.4.19
